FRAMEWORK: NET462, NET45, NET40
NUGET
  remote: https://www.nuget.org/api/v2
    7-Zip.CommandLine (9.20) - framework: net40, net45, net462
    gitlink (2.4.1) - framework: net40, net45, net462
    MahApps.Metro (1.5) - framework: net40, net45, net462
    NuGet.CommandLine (4.1) - framework: net40, net45, net462
    NUnit (3.7.1) - framework: net40, net45, net462
    NUnit.Console (3.6.1) - framework: net40, net45, net462
      NUnit.ConsoleRunner (>= 3.6.1) - framework: net40, net45, net462
      NUnit.Extension.NUnitProjectLoader (>= 3.5) - framework: net40, net45, net462
      NUnit.Extension.NUnitV2Driver (>= 3.6) - framework: net40, net45, net462
      NUnit.Extension.NUnitV2ResultWriter (>= 3.5) - framework: net40, net45, net462
      NUnit.Extension.TeamCityEventListener (>= 1.0.2) - framework: net40, net45, net462
      NUnit.Extension.VSProjectLoader (>= 3.5) - framework: net40, net45, net462
    NUnit.ConsoleRunner (3.6.1) - framework: net40, net45, net462
    NUnit.Extension.NUnitProjectLoader (3.5) - framework: net40, net45, net462
    NUnit.Extension.NUnitV2Driver (3.6) - framework: net40, net45, net462
    NUnit.Extension.NUnitV2ResultWriter (3.5) - framework: net40, net45, net462
    NUnit.Extension.TeamCityEventListener (1.0.2) - framework: net40, net45, net462
    NUnit.Extension.VSProjectLoader (3.5) - framework: net40, net45, net462
  remote: https://ci.appveyor.com/nuget/controlzex
    ControlzEx (3.0.1-dev0028) - framework: net40, net45, net462
